GEM
  remote: https://rubygems.org/
  specs:
    bitset (0.1.0)
    lru_redux (0.8.1)

PLATFORMS
  ruby

DEPENDENCIES
  bitset
  lru_redux
