GEM
  remote: https://rubygems.org/
  specs:
    PriorityQueue (0.1.2)
    awesome_print (1.2.0)
    lrucache (0.1.4)
      PriorityQueue (~> 0.1.2)

PLATFORMS
  ruby

DEPENDENCIES
  awesome_print
  lrucache
